GEM
  remote: https://rubygems.org/
  specs:
    childprocess (0.5.9)
      ffi (~> 1.0, >= 1.0.11)
    commonwatir (4.0.0)
    family_wellness_daily (0.1.0)
      nokogiri
      phantomjs
      watir
    ffi (1.9.10)
    mini_portile (0.6.2)
    multi_json (1.12.1)
    nokogiri (1.6.6.2)
      mini_portile (~> 0.6.0)
    phantomjs (2.1.1.0)
    rubyzip (1.2.0)
    selenium-webdriver (2.52.0)
      childprocess (~> 0.5)
      multi_json (~> 1.0)
      rubyzip (~> 1.0)
      websocket (~> 1.0)
    watir (5.0.0)
      commonwatir (~> 4)
      watir-webdriver
    watir-webdriver (0.9.1)
      selenium-webdriver (>= 2.46.2)
    websocket (1.2.3)

PLATFORMS
  ruby

DEPENDENCIES
  family_wellness_daily

BUNDLED WITH
   1.12.5
